GEM
  remote: https://rubygems.org/
  specs:
    coderay (1.1.3)
    colorize (0.8.1)
    htmlentities (4.3.4)
    language_server-protocol (3.17.0.1)
    lolcat (100.0.1)
      manpages (~> 0.6.1)
      optimist (~> 3.0.0)
      paint (~> 2.1)
    manpages (0.6.1)
    method_source (1.0.0)
    optimist (3.0.1)
    paint (2.3.0)
    prettier_print (1.0.2)
    pry (0.14.1)
      coderay (~> 1.1)
      method_source (~> 1.0)
    ruby-lsp (0.3.5)
      language_server-protocol (~> 3.17.0)
      sorbet-runtime
      syntax_tree (>= 4.0.2)
    sorbet-runtime (0.5.10520)
    syntax_tree (4.3.0)
      prettier_print (>= 1.0.2)

PLATFORMS
  arm64-darwin-21

DEPENDENCIES
  colorize
  htmlentities
  lolcat
  pry
  ruby-lsp (~> 0.3.5)

RUBY VERSION
   ruby 3.1.2p20

BUNDLED WITH
   2.3.21
